GIT
  remote: git://github.com/Toura/jshintrb.git
  revision: f6bb047a7671f6c0390058b8526eca3db61954ab
  specs:
    jshintrb (1.1.1)
      therubyracer (~> 0.9)

GEM
  remote: http://rubygems.org/
  specs:
    activesupport (3.0.17)
    addressable (2.3.2)
    childprocess (0.3.5)
      ffi (~> 1.0, >= 1.0.6)
    coffee-script (2.2.0)
      coffee-script-source
      execjs
    coffee-script-source (1.3.3)
    columnize (0.3.6)
    crack (0.3.1)
    deep_merge (1.0.0)
    diff-lcs (1.1.3)
    execjs (1.4.0)
      multi_json (~> 1.0)
    factory_girl (4.1.0)
      activesupport (>= 3.0.0)
    fakefs (0.4.0)
    fakeweb (1.3.0)
    ffi (1.1.5)
    guid (0.1.1)
    haml (3.1.2)
    hike (1.2.1)
    i18n (0.6.1)
    imagesize (0.1.1)
    jasmine (1.2.0)
      jasmine-core (>= 1.2.0)
      rack (~> 1.0)
      rspec (>= 1.3.1)
      selenium-webdriver (>= 0.1.3)
    jasmine-core (1.2.0)
    jasmine-headless-webkit (0.8.4)
      coffee-script
      jasmine-core (~> 1.1)
      multi_json
      rainbow
      sprockets (~> 2)
    jasmine-phantom (0.0.6)
      jasmine (>= 1.2.0)
    json (1.7.5)
    kramdown (0.13.8)
    libv8 (3.3.10.4)
    libwebsocket (0.1.5)
      addressable
    linecache (0.43)
    multi_json (1.3.6)
    mustache (0.99.4)
    rack (1.4.1)
    rack-protection (1.2.0)
      rack
    rainbow (1.1.4)
    rake (0.9.2)
    rspec (2.6.0)
      rspec-core (~> 2.6.0)
      rspec-expectations (~> 2.6.0)
      rspec-mocks (~> 2.6.0)
    rspec-core (2.6.4)
    rspec-expectations (2.6.0)
      diff-lcs (~> 1.1.2)
    rspec-mocks (2.6.0)
    ruby-debug (0.10.4)
      columnize (>= 0.1)
      ruby-debug-base (~> 0.10.4.0)
    ruby-debug-base (0.10.4)
      linecache (>= 0.3)
    rubyzip (0.9.9)
    sass (3.1.21)
    selenium-webdriver (2.25.0)
      childprocess (>= 0.2.5)
      libwebsocket (~> 0.1.3)
      multi_json (~> 1.0)
      rubyzip
    sinatra (1.3.2)
      rack (~> 1.3, >= 1.3.6)
      rack-protection (~> 1.2)
      tilt (~> 1.3, >= 1.3.3)
    sprockets (2.5.0)
      hike (~> 1.2)
      multi_json (~> 1.0)
      rack (~> 1.0)
      tilt (~> 1.1, != 1.3.0)
    therubyracer (0.10.2)
      libv8 (~> 3.3.10)
    tilt (1.3.3)
    webmock (1.8.10)
      addressable (>= 2.2.7)
      crack (>= 0.1.7)

PLATFORMS
  ruby

DEPENDENCIES
  activesupport (~> 3.0.9)
  deep_merge
  factory_girl
  fakefs
  fakeweb
  guid
  haml (= 3.1.2)
  i18n
  imagesize
  jasmine
  jasmine-headless-webkit
  jasmine-phantom
  jshintrb (= 1.1.1)!
  json
  kramdown
  linecache (= 0.43)
  mustache
  rake (= 0.9.2)
  rspec (= 2.6.0)
  ruby-debug
  sass (~> 3.1.20)
  sinatra (= 1.3.2)
  webmock
